GEM
  remote: https://rubygems.org/
  specs:
    bson (4.15.0-java)
    nokogiri (1.13.6-java)
      racc (~> 1.4)
    racc (1.6.0-java)

PLATFORMS
  universal-java-11

DEPENDENCIES
  bson (= 4.15.0)
  bundler (= 2.2.33)
  nokogiri (>= 1.13.6)

BUNDLED WITH
   2.2.33
