GEM
  remote: https://rubygems.org/
  specs:
    bson (4.2.2-java)
    json (2.3.1-java)
    nokogiri (1.13.6-java)
      racc (~> 1.4)
    racc (1.6.0-java)
    ruby-maven (3.3.13)
      ruby-maven-libs (~> 3.3.9)
    ruby-maven-libs (3.3.9)

PLATFORMS
  universal-java-11

DEPENDENCIES
  bson (~> 4.2.2)
  bundler (= 2.2.33)
  json (~> 2.3.1)
  nokogiri (>= 1.13.6)
  ruby-maven

BUNDLED WITH
   2.2.33
